GEM
  remote: http://rubygems.org/
  specs:
    json (1.7.5)
    redis (3.0.2)

PLATFORMS
  ruby

DEPENDENCIES
  json
  redis
